PATH
  remote: .
  specs:
    options_house_api_ruby (0.0.1)
      json (>= 1.0.0)

GEM
  remote: https://rubygems.org/
  specs:
    json (1.8.1)

PLATFORMS
  ruby

DEPENDENCIES
  options_house_api_ruby!
